GEM
  remote: http://rubygems.org/
  specs:
    audite (0.3.0)
    metaclass (0.0.1)
    mocha (0.12.7)
      metaclass (~> 0.0.1)

PLATFORMS
  ruby

DEPENDENCIES
  audite
  mocha
